PATH
  remote: .
  specs:
    sensu-plugin (0.1.5)
      json
      mixlib-cli (>= 1.1.0)

GEM
  remote: http://rubygems.org/
  specs:
    json (1.7.6)
    mixlib-cli (1.3.0)
    rake (10.0.3)

PLATFORMS
  ruby

DEPENDENCIES
  rake
  sensu-plugin!
