PATH
  remote: .
  specs:
    sensu-plugin (0.1.7)
      json
      mixlib-cli (>= 1.1.0)

GEM
  remote: http://rubygems.org/
  specs:
    json (1.8.0)
    minitest (4.3.2)
    mixlib-cli (1.3.0)
    rake (10.0.3)

PLATFORMS
  ruby

DEPENDENCIES
  minitest
  rake
  sensu-plugin!
